GEM
  remote: https://rubygems.org/
  specs:
    colorize (0.8.1)
    terminal-table (3.0.2)
      unicode-display_width (>= 1.1.1, < 3)
    unicode-display_width (2.1.0)

PLATFORMS
  x86_64-linux

DEPENDENCIES
  colorize (~> 0.8.1)
  terminal-table (~> 3.0)

BUNDLED WITH
   2.2.32
